GEM
  remote: https://rubygems.org/
  specs:
    date (3.3.3)
    diff-lcs (1.5.0)
    mail (2.8.0.1)
      mini_mime (>= 0.1.1)
      net-imap
      net-pop
      net-smtp
    mini_mime (1.1.2)
    multi_json (1.15.0)
    mustermann (3.0.0)
      ruby2_keywords (~> 0.0.1)
    net-imap (0.3.4)
      date
      net-protocol
    net-pop (0.1.2)
      net-protocol
    net-protocol (0.2.1)
      timeout
    net-smtp (0.3.3)
      net-protocol
    pg (1.4.5)
    pony (1.13.1)
      mail (>= 2.0)
    rack (2.2.6)
    rack-protection (3.0.5)
      rack
    rackup (0.1.0)
      rack
      webrick
    rspec (3.12.0)
      rspec-core (~> 3.12.0)
      rspec-expectations (~> 3.12.0)
      rspec-mocks (~> 3.12.0)
    rspec-core (3.12.0)
      rspec-support (~> 3.12.0)
    rspec-expectations (3.12.2)
      diff-lcs (>= 1.2.0, < 2.0)
      rspec-support (~> 3.12.0)
    rspec-mocks (3.12.3)
      diff-lcs (>= 1.2.0, < 2.0)
      rspec-support (~> 3.12.0)
    rspec-support (3.12.0)
    ruby2_keywords (0.0.5)
    sinatra (3.0.5)
      mustermann (~> 3.0)
      rack (~> 2.2, >= 2.2.4)
      rack-protection (= 3.0.5)
      tilt (~> 2.0)
    sinatra-contrib (3.0.5)
      multi_json
      mustermann (~> 3.0)
      rack-protection (= 3.0.5)
      sinatra (= 3.0.5)
      tilt (~> 2.0)
    tilt (2.0.11)
    timeout (0.3.1)
    webrick (1.7.0)

PLATFORMS
  arm64-darwin-20
  x86_64-linux

DEPENDENCIES
  pg (~> 1.4)
  pony (~> 1.13)
  rackup (~> 0.1.0)
  rspec (~> 3.12)
  sinatra (~> 3.0)
  sinatra-contrib (~> 3.0)
  webrick (~> 1.7)

BUNDLED WITH
   2.3.26
